GEM
  remote: https://rubygems.org/
  specs:
    faraday (0.8.7)
      multipart-post (~> 1.1)
    haml (4.0.1)
      tilt
    kgio (2.8.0)
    mixlib-authentication (1.1.4)
      mixlib-log
    mixlib-log (1.4.1)
    multi_json (1.3.7)
    multipart-post (1.2.0)
    rack (1.5.2)
    rack-protection (1.5.0)
      rack
    raindrops (0.10.0)
    shotgun (0.9)
      rack (>= 1.0)
    sinatra (1.4.2)
      rack (~> 1.5, >= 1.5.2)
      rack-protection (~> 1.4)
      tilt (~> 1.3, >= 1.3.4)
    spice (1.0.6)
      faraday (~> 0.8.0)
      mixlib-authentication (~> 1.1.4)
      multi_json (~> 1.3.6)
    tilt (1.3.6)
    unicorn (4.6.2)
      kgio (~> 2.6)
      rack
      raindrops (~> 0.7)

PLATFORMS
  ruby

DEPENDENCIES
  haml
  shotgun
  sinatra
  spice
  unicorn
